GEM
  remote: https://rubygems.org/
  specs:
    matplotlib (1.3.0)
      pycall (>= 1.0.0)
    numo (0.1.1)
      numo-fftw (~> 0.1.1)
      numo-gnuplot (~> 0.2.4)
      numo-gsl (~> 0.1.1)
      numo-linalg (~> 0.1.0)
      numo-narray (~> 0.9.1)
    numo-fftw (0.1.1)
      numo-narray (~> 0.9.0)
    numo-gnuplot (0.2.4)
    numo-gsl (0.1.2)
      numo-narray (>= 0.9.0.8)
    numo-linalg (0.1.7)
      numo-narray (>= 0.9.1.4)
    numo-narray (0.9.2.1)
    numpy (0.4.0)
      pycall (>= 1.2.0.beta1)
    pandas (0.3.8)
      numpy
      pycall (>= 1.0.0)
    pycall (1.4.2)

PLATFORMS
  ruby

DEPENDENCIES
  matplotlib (~> 1.1)
  numo (~> 0.1.1)
  pandas (~> 0.3.0)

BUNDLED WITH
   1.17.2
